GEM
  remote: https://rubygems.org/
  specs:
    activesupport (7.0.2.2)
      concurrent-ruby (~> 1.0, >= 1.0.2)
      i18n (>= 1.6, < 2)
      minitest (>= 5.1)
      tzinfo (~> 2.0)
    aws-eventstream (1.2.0)
    aws-partitions (1.657.0)
    aws-sdk-core (3.166.0)
      aws-eventstream (~> 1, >= 1.0.2)
      aws-partitions (~> 1, >= 1.651.0)
      aws-sigv4 (~> 1.5)
      jmespath (~> 1, >= 1.6.1)
    aws-sdk-kms (1.59.0)
      aws-sdk-core (~> 3, >= 3.165.0)
      aws-sigv4 (~> 1.1)
    aws-sdk-s3 (1.117.1)
      aws-sdk-core (~> 3, >= 3.165.0)
      aws-sdk-kms (~> 1)
      aws-sigv4 (~> 1.4)
    aws-sigv4 (1.5.2)
      aws-eventstream (~> 1, >= 1.0.2)
    concurrent-ruby (1.1.9)
    i18n (1.9.1)
      concurrent-ruby (~> 1.0)
    jmespath (1.6.1)
    minitest (5.15.0)
    tzinfo (2.0.4)
      concurrent-ruby (~> 1.0)

PLATFORMS
  arm64-darwin-21

DEPENDENCIES
  activesupport
  aws-sdk-s3 (~> 1.2)

BUNDLED WITH
   2.3.7
